GEM
  remote: http://rubygems.org/
  specs:
    activemodel (3.1.0)
      activesupport (= 3.1.0)
      bcrypt-ruby (~> 3.0.0)
      builder (~> 3.0.0)
      i18n (~> 0.6)
    activesupport (3.1.0)
      multi_json (~> 1.0)
    bcrypt-ruby (3.0.1)
    bson (1.4.0)
    bson_ext (1.4.0)
    builder (3.0.0)
    daemons (1.1.2)
    diff-lcs (1.1.3)
    eventmachine (0.12.10)
    git (1.2.5)
    haml (3.1.2)
    i18n (0.6.0)
    jeweler (1.5.2)
      bundler (~> 1.0.0)
      git (>= 1.2.5)
      rake
    mongo (1.4.0)
      bson (= 1.4.0)
    mongoid (2.2.0)
      activemodel (~> 3.0)
      mongo (~> 1.3)
      tzinfo (~> 0.3.22)
    multi_json (1.0.3)
    rack (1.3.0)
    rack-test (0.6.0)
      rack (>= 1.0)
    rake (0.9.2)
    rspec (2.6.0)
      rspec-core (~> 2.6.0)
      rspec-expectations (~> 2.6.0)
      rspec-mocks (~> 2.6.0)
    rspec-core (2.6.4)
    rspec-expectations (2.6.0)
      diff-lcs (~> 1.1.2)
    rspec-mocks (2.6.0)
    shoulda (2.11.3)
    sinatra (1.2.6)
      rack (~> 1.1)
      tilt (>= 1.2.2, < 2.0)
    thin (1.2.11)
      daemons (>= 1.0.9)
      eventmachine (>= 0.12.6)
      rack (>= 1.0.0)
    tilt (1.3.2)
    tzinfo (0.3.29)

PLATFORMS
  ruby

DEPENDENCIES
  bson_ext (~> 1.4.0)
  bundler (~> 1.0.0)
  haml
  jeweler (~> 1.5.2)
  mongo (~> 1.4.0)
  mongoid (~> 2.2.0)
  rack
  rack-test
  rspec (~> 2.6.0)
  shoulda
  sinatra (~> 1.2.6)
  thin
